GEM
  remote: https://rubygems.org/
  specs:
    ansi (1.5.0)
    builder (3.2.2)
    domain_name (0.5.23)
      unf (>= 0.0.5, < 1.0.0)
    http-cookie (1.0.2)
      domain_name (~> 0.5)
    json (1.8.1)
    m (1.3.2)
      method_source (>= 0.6.7)
      rake (>= 0.9.2.2)
    method_source (0.8.2)
    mime-types (2.4.3)
    minitest (5.3.3)
    minitest-reporters (1.0.11)
      ansi
      builder
      minitest (>= 5.0)
      ruby-progressbar
    netrc (0.10.3)
    rake (10.4.2)
    rest-client (1.8.0)
      http-cookie (>= 1.0.2, < 2.0)
      mime-types (>= 1.16, < 3.0)
      netrc (~> 0.7)
    ruby-progressbar (1.7.5)
    unf (0.1.4)
      unf_ext
    unf_ext (0.0.6)

PLATFORMS
  ruby

DEPENDENCIES
  json
  m
  minitest (= 5.3.3)
  minitest-reporters
  rake
  rest-client

BUNDLED WITH
   1.10.6
